PATH
  remote: .
  specs:
    active_job-inlined (0.1.0)
      activejob (>= 6.1)

GEM
  remote: https://rubygems.org/
  specs:
    activejob (7.1.3.4)
      activesupport (= 7.1.3.4)
      globalid (>= 0.3.6)
    activesupport (7.1.3.4)
      base64
      bigdecimal
      concurrent-ruby (~> 1.0, >= 1.0.2)
      connection_pool (>= 2.2.5)
      drb
      i18n (>= 1.6, < 2)
      minitest (>= 5.1)
      mutex_m
      tzinfo (~> 2.0)
    base64 (0.2.0)
    bigdecimal (3.1.8)
    concurrent-ruby (1.3.3)
    connection_pool (2.4.1)
    drb (2.2.1)
    globalid (1.2.1)
      activesupport (>= 6.1)
    i18n (1.14.5)
      concurrent-ruby (~> 1.0)
    minitest (5.23.1)
    minitest-sprint (1.2.2)
      path_expander (~> 1.1)
    mutex_m (0.2.0)
    path_expander (1.1.1)
    rake (13.2.1)
    tzinfo (2.0.6)
      concurrent-ruby (~> 1.0)

PLATFORMS
  arm64-darwin
  x86_64-linux

DEPENDENCIES
  active_job-inlined!
  minitest (~> 5.0)
  minitest-sprint
  rake (~> 13.0)

BUNDLED WITH
   2.3.21
